GIT
  remote: git://github.com/rapid7/metasploit-model.git
  revision: 2a4151904af07bae742e8ec49948c769a47fe713
  tag: v0.20.0.payload-reference-name
  specs:
    metasploit-model (0.20.0)
      activesupport

GIT
  remote: git://github.com/rapid7/metasploit_data_models.git
  revision: 81bd261330debf967e9ea23c5c351611058f949a
  branch: bug/payload-reference-name
  specs:
    metasploit_data_models (0.58.0)
      activerecord (>= 3.2.13)
      activesupport
      awesome_nested_set
      file-find
      metasploit-model (~> 0.20.0)
      pg

GEM
  remote: http://rubygems.org/
  specs:
    activemodel (3.2.13)
      activesupport (= 3.2.13)
      builder (~> 3.0.0)
    activerecord (3.2.13)
      activemodel (= 3.2.13)
      activesupport (= 3.2.13)
      arel (~> 3.0.2)
      tzinfo (~> 0.3.29)
    activesupport (3.2.13)
      i18n (= 0.6.1)
      multi_json (~> 1.0)
    arel (3.0.2)
    awesome_nested_set (2.1.6)
      activerecord (>= 3.0.0)
    bourne (1.4.0)
      mocha (~> 0.13.2)
    builder (3.0.4)
    database_cleaner (1.2.0)
    diff-lcs (1.2.4)
    docile (1.1.1)
    factory_girl (4.2.0)
      activesupport (>= 3.0.0)
    ffi (1.9.3)
    file-find (0.3.7)
      sys-admin (>= 1.5.2)
    fivemat (1.2.1)
    highline (1.6.20)
    i18n (0.6.1)
    json (1.8.1)
    metaclass (0.0.1)
    mocha (0.13.3)
      metaclass (~> 0.0.1)
    msgpack (0.5.4)
    multi_json (1.8.2)
    network_interface (0.0.1)
    nokogiri (1.5.9)
    packetfu (1.1.8)
    parallel (0.9.1)
    parallel_tests (0.16.5)
      parallel
    pcaprub (0.11.3)
    perftools.rb (2.0.1)
    pg (0.17.0)
    rake (10.1.0)
    redcarpet (2.2.2)
    robots (0.10.1)
    rspec (2.14.1)
      rspec-core (~> 2.14.0)
      rspec-expectations (~> 2.14.0)
      rspec-mocks (~> 2.14.0)
    rspec-core (2.14.6)
    rspec-expectations (2.14.3)
      diff-lcs (>= 1.1.3, < 2.0)
    rspec-mocks (2.14.4)
    ruby-progressbar (1.2.0)
    shoulda-matchers (1.5.2)
      activesupport (>= 3.0.0)
      bourne (~> 1.3)
    simplecov (0.8.2)
      docile (~> 1.1.0)
      multi_json
      simplecov-html (~> 0.8.0)
    simplecov-html (0.8.0)
    sys-admin (1.6.0)
      ffi (>= 1.1.0)
    table_print (1.5.1)
    timecop (0.6.1)
    tzinfo (0.3.37)
    yard (0.8.7.3)

PLATFORMS
  ruby

DEPENDENCIES
  activerecord
  activesupport (>= 3.0.0)
  database_cleaner
  factory_girl (>= 4.1.0)
  fivemat
  highline
  json
  metasploit-model!
  metasploit_data_models!
  msgpack
  network_interface (~> 0.0.1)
  nokogiri
  packetfu (= 1.1.8)
  parallel_tests
  pcaprub
  perftools.rb
  pg (>= 0.11)
  rake
  redcarpet
  robots
  rspec (>= 2.12)
  rspec-core (>= 2.14.0)
  ruby-progressbar
  shoulda-matchers
  simplecov
  table_print
  timecop
  yard
